GEM
  remote: http://rubygems.org/
  specs:
    ansi (1.4.3)
    haml (4.0.2)
      tilt
    minitest (2.12.1)
    rack (1.5.2)
    rack-protection (1.5.0)
      rack
    rack-test (0.6.2)
      rack (>= 1.0)
    sinatra (1.3.6)
      rack (~> 1.4)
      rack-protection (~> 1.3)
      tilt (~> 1.3, >= 1.3.3)
    tilt (1.3.7)
    turn (0.9.6)
      ansi

PLATFORMS
  ruby

DEPENDENCIES
  haml
  minitest
  rack-test
  sinatra
  turn
